GEM
  remote: https://rubygems.org/
  specs:
    bigdecimal (3.1.6)
    blueprinter (1.0.1)
    concurrent-ruby (1.2.3)
    dry-configurable (1.1.0)
      dry-core (~> 1.0, < 2)
      zeitwerk (~> 2.6)
    dry-core (1.0.1)
      concurrent-ruby (~> 1.0)
      zeitwerk (~> 2.6)
    dry-inflector (1.0.0)
    dry-initializer (3.1.1)
    dry-logic (1.5.0)
      concurrent-ruby (~> 1.0)
      dry-core (~> 1.0, < 2)
      zeitwerk (~> 2.6)
    dry-schema (1.13.3)
      concurrent-ruby (~> 1.0)
      dry-configurable (~> 1.0, >= 1.0.1)
      dry-core (~> 1.0, < 2)
      dry-initializer (~> 3.0)
      dry-logic (>= 1.4, < 2)
      dry-types (>= 1.7, < 2)
      zeitwerk (~> 2.6)
    dry-types (1.7.2)
      bigdecimal (~> 3.0)
      concurrent-ruby (~> 1.0)
      dry-core (~> 1.0)
      dry-inflector (~> 1.0)
      dry-logic (~> 1.4)
      zeitwerk (~> 2.6)
    dry-validation (1.10.0)
      concurrent-ruby (~> 1.0)
      dry-core (~> 1.0, < 2)
      dry-initializer (~> 3.0)
      dry-schema (>= 1.12, < 2)
      zeitwerk (~> 2.6)
    nio4r (2.7.0)
    pg (1.5.4)
    puma (6.4.2)
      nio4r (~> 2.0)
    rack (3.0.8)
    roda (3.76.0)
      rack
    sequel (5.76.0)
      bigdecimal
    zeitwerk (2.6.12)

PLATFORMS
  x86_64-linux

DEPENDENCIES
  blueprinter
  dry-validation
  pg
  puma
  roda
  sequel

BUNDLED WITH
   2.5.3
